GEM
  remote: https://rubygems.org/
  specs:
 github-pages
  jekyll
  jekyll-feed
  minima
  type-on-strap

   2.0.2
